PATH
  remote: .
  specs:
    slacker (0.0.10)
      bundler (~> 1.0.15)
      rspec (= 2.5.0)
      ruby-odbc (= 0.99994)

GEM
  remote: http://rubygems.org/
  specs:
    diff-lcs (1.1.2)
    rspec (2.5.0)
      rspec-core (~> 2.5.0)
      rspec-expectations (~> 2.5.0)
      rspec-mocks (~> 2.5.0)
    rspec-core (2.5.2)
    rspec-expectations (2.5.0)
      diff-lcs (~> 1.1.2)
    rspec-mocks (2.5.0)
    ruby-odbc (0.99994)

PLATFORMS
  ruby
  x86-mingw32

DEPENDENCIES
  slacker!
